GEM
  remote: https://rubygems.org/
  specs:
    sequel (4.42.1)

PLATFORMS
  ruby

DEPENDENCIES
  sequel

BUNDLED WITH
   1.13.7
