GEM
  remote: https://rubygems.org/
  specs:
    mysql2 (0.4.5)
    rake (12.0.0)
    sequel (4.42.1)

PLATFORMS
  ruby

DEPENDENCIES
  mysql2
  rake
  sequel

BUNDLED WITH
   1.13.7
