GEM
  remote: https://rubygems.org/
  specs:
    concurrent-ruby (1.0.4)
    ffaker (2.4.0)
    mysql2 (0.4.5)
    rake (12.0.0)
    sequel (4.42.1)

PLATFORMS
  ruby

DEPENDENCIES
  concurrent-ruby
  ffaker
  mysql2
  rake
  sequel

BUNDLED WITH
   1.13.7
